GEM
  remote: https://rubygems.org/
  specs:
    amq-protocol (2.3.0)
    amqp (1.8.0)
      amq-protocol (>= 2.2.0)
      eventmachine
    barong (0.1.0)
    bunny (2.12.0)
      amq-protocol (~> 2.3, >= 2.3.0)
    clamp (1.3.0)
    em-websocket (0.5.1)
      eventmachine (>= 0.12.9)
      http_parser.rb (~> 0.6.0)
    eventmachine (1.2.7)
    http_parser.rb (0.6.0)
    jwt (2.1.0)
    mysql2 (0.5.2)
    peatio (0.4.4)
      amqp
      bunny
      clamp
      em-websocket
      eventmachine
      jwt
      mysql2
    rake (12.3.1)

PLATFORMS
  ruby

DEPENDENCIES
  barong
  peatio
  rake

BUNDLED WITH
   1.17.1
